GEM
  remote: https://rubygems.org/
  specs:
    httpclient (2.8.0)
    multi_json (1.12.0)
    mustermann (1.1.1)
      ruby2_keywords (~> 0.0.1)
    pusher (0.17.0)
      httpclient (~> 2.7)
      multi_json (~> 1.0)
      pusher-signature (~> 0.1.8)
    pusher-signature (0.1.8)
    rack (2.2.3)
    rack-protection (2.1.0)
      rack
    ruby2_keywords (0.0.5)
    shotgun (0.9.1)
      rack (>= 1.0)
    sinatra (2.1.0)
      mustermann (~> 1.0)
      rack (~> 2.2)
      rack-protection (= 2.1.0)
      tilt (~> 2.0)
    tilt (2.0.10)

PLATFORMS
  ruby

DEPENDENCIES
  pusher
  shotgun
  sinatra

RUBY VERSION
   ruby 2.5.7p206

BUNDLED WITH
   1.12.3
