GEM
  remote: https://rubygems.org/
  specs:
    httpclient (2.8.3)
    multi_json (1.15.0)
    mustermann (3.0.0)
      ruby2_keywords (~> 0.0.1)
    nio4r (2.7.0)
    puma (6.4.2)
      nio4r (~> 2.0)
    pusher (2.0.3)
      httpclient (~> 2.8)
      multi_json (~> 1.15)
      pusher-signature (~> 0.1.8)
    pusher-signature (0.1.8)
    rack (2.2.4)
    rack-protection (3.0.2)
      rack
    ruby2_keywords (0.0.5)
    sinatra (3.0.2)
      mustermann (~> 3.0)
      rack (~> 2.2, >= 2.2.4)
      rack-protection (= 3.0.2)
      tilt (~> 2.0)
    tilt (2.0.11)

PLATFORMS
  ruby

DEPENDENCIES
  puma (>= 6.4.2)
  pusher
  sinatra

RUBY VERSION
   ruby 3.1.2p20

BUNDLED WITH
   2.3.26
